GIT
  remote: git://github.com/hybridgroup/artoo-sphero.git
  revision: efa897cf4dcffdc0b5e68655d16725c9e749bb1f
  specs:
    artoo-sphero (0.1.0)
      artoo (~> 0.5.0)

GIT
  remote: git://github.com/hybridgroup/artoo.git
  revision: cd1fd3fc4f2a66b7f89301f11080dbdca34321a7
  branch: external-drivers
  specs:
    artoo (0.5.0)
      celluloid (~> 0.14.0)
      celluloid-io (~> 0.14.0)
      multi_json (~> 1.6)
      pry (~> 0.9)
      rake (~> 10.0)
      reel (~> 0.4.pre)

GEM
  remote: https://rubygems.org/
  specs:
    celluloid (0.14.0)
      timers (>= 1.0.0)
    celluloid-io (0.14.0)
      celluloid (>= 0.13.0)
      nio4r (>= 0.4.5)
    certified (0.1.1)
    coderay (1.0.9)
    http (0.4.0)
      certified
      http_parser.rb
    http_parser.rb (0.5.3)
    hybridgroup-sphero (1.3.0)
    metaclass (0.0.1)
    method_source (0.8.1)
    minitest (5.0.1)
    minitest-happy (1.0.0)
    mocha (0.14.0)
      metaclass (~> 0.0.1)
    multi_json (1.7.3)
    nio4r (0.4.5)
    pry (0.9.12.2)
      coderay (~> 1.0.5)
      method_source (~> 0.8)
      slop (~> 3.4)
    rack (1.5.2)
    rake (10.0.4)
    reel (0.4.0.pre)
      celluloid-io (>= 0.8.0)
      http (>= 0.2.0)
      http_parser.rb (>= 0.5.3)
      rack (>= 1.4.0)
      websocket_parser (>= 0.1.2)
    slop (3.4.5)
    timers (1.1.0)
    websocket_parser (0.1.2)
      http

PLATFORMS
  ruby

DEPENDENCIES
  artoo!
  artoo-sphero!
  hybridgroup-sphero
  minitest (~> 5.0.1)
  minitest-happy
  mocha (~> 0.14.0)
